GIT
  remote: git://github.com/janbiedermann/opal.git
  revision: 63e70102a6d6c13500be1b8b880d2b2f951ae756
  branch: es6_modules
  specs:
    opal (1.0.0)
      ast (>= 2.3.0)
      parser (= 2.5.3.0)

GEM
  remote: https://rubygems.org/
  specs:
    ast (2.4.0)
    c_lexer (2.5.3.0.0)
      ast (~> 2.4.0)
      parser (= 2.5.3.0)
    oj (3.9.2)
    opal-webpack-loader (0.9.6)
      c_lexer
      oj (>= 3.7.0)
      opal (>= 1.0.0)
      thor (>= 0.19.4)
    parser (2.5.3.0)
      ast (~> 2.4.0)
    thor (0.20.3)

PLATFORMS
  ruby

DEPENDENCIES
  opal!
  opal-webpack-loader (~> 0.9.6)

BUNDLED WITH
   1.17.3
